GIT
  remote: git://github.com/rails/prototype_legacy_helper.git
  revision: a2cd95c3e3c1a4f7a9566efdab5ce59c886cb05f
  specs:
    prototype_legacy_helper (0.0.0)

GIT
  remote: https://github.com/cameel/gettext.git
  revision: c3a83734eea5029d067783127398ddf765f7265c
  ref: c3a8373
  specs:
    gettext (2.0.0)
      locale

GIT
  remote: https://github.com/delynn/userstamp.git
  revision: 777633aa564f8457c999ddb96afa4c5ae18d319f
  specs:
    userstamp (2.0.2)

GIT
  remote: https://github.com/galo2099/activerecord-diff.git
  revision: 99fd640be784df0473a7a08756aa9ab861385cc5
  specs:
    activerecord-diff (0.0.0)
      activerecord
      activesupport

GIT
  remote: https://github.com/galo2099/acts_as_versioned_association
  revision: 8c74ad20db472b1fad7826a63e53d444264595ee
  specs:
    acts_as_versioned_association (0.0.0)

GIT
  remote: https://github.com/galo2099/google_ajax_libraries_api
  revision: 01db9208efbcf0961fbbfc7f8fda9ba29ea33355
  specs:
    google_ajax_libraries_api (0.0.0)

GIT
  remote: https://github.com/galo2099/jquery_datepicker
  revision: 4a8ada4184961a32937f36ec92ed4533c6799954
  specs:
    jquery_datepicker (0.3.2)

GIT
  remote: https://github.com/luismreis/acts_as_versioned.git
  revision: b26b8f8836836f2ec36d8c0525b4fae508fb0352
  specs:
    acts_as_versioned (0.6.0)
      activerecord (>= 3.0.0)

GIT
  remote: https://github.com/ndbradley730/open_id_authentication
  revision: 59edb6e36b3c0e2d4e8eb2e81e2edeac97fa380c
  branch: controllermethods_name_error
  specs:
    open_id_authentication (1.1.0)
      rack-openid (~> 1.3)

GEM
  remote: http://rubygems.org/
  specs:
    actionmailer (4.0.0)
      actionpack (= 4.0.0)
      mail (~> 2.5.3)
    actionpack (4.0.0)
      activesupport (= 4.0.0)
      builder (~> 3.1.0)
      erubis (~> 2.7.0)
      rack (~> 1.5.2)
      rack-test (~> 0.6.2)
    activemodel (4.0.0)
      activesupport (= 4.0.0)
      builder (~> 3.1.0)
    activerecord (4.0.0)
      activemodel (= 4.0.0)
      activerecord-deprecated_finders (~> 1.0.2)
      activesupport (= 4.0.0)
      arel (~> 4.0.0)
    activerecord-deprecated_finders (1.0.3)
    activesupport (4.0.0)
      i18n (~> 0.6, >= 0.6.4)
      minitest (~> 4.2)
      multi_json (~> 1.3)
      thread_safe (~> 0.1)
      tzinfo (~> 0.3.37)
    arel (4.0.0)
    atomic (1.1.13)
    aws-sdk (1.11.1)
      json (~> 1.4)
      nokogiri (>= 1.4.4)
      uuidtools (~> 2.1)
    builder (3.1.4)
    cancan (1.6.10)
    capistrano (2.15.5)
      highline
      net-scp (>= 1.0.0)
      net-sftp (>= 2.0.0)
      net-ssh (>= 2.0.14)
      net-ssh-gateway (>= 1.1.0)
    clamp (0.6.1)
    climate_control (0.0.3)
      activesupport (>= 3.0)
    cocaine (0.5.1)
      climate_control (>= 0.0.3, < 1.0)
    daemons (1.1.9)
    dynamic_form (1.1.4)
    erubis (2.7.0)
    eventmachine (1.0.3)
    exception_notification (4.0.0)
      actionmailer (>= 3.0.4)
      activesupport (>= 3.0.4)
    excon (0.25.3)
    fast_gettext (0.7.1)
    fog (1.15.0)
      builder
      excon (~> 0.25.0)
      formatador (~> 0.2.0)
      mime-types
      multi_json (~> 1.0)
      net-scp (~> 1.1)
      net-ssh (>= 2.1.3)
      nokogiri (~> 1.5)
      ruby-hmac
    formatador (0.2.4)
    gettext_i18n_rails (0.10.1)
      fast_gettext (>= 0.4.8)
    highline (1.6.19)
    hike (1.2.3)
    hpricot (0.8.6)
    httparty (0.11.0)
      multi_json (~> 1.0)
      multi_xml (>= 0.5.2)
    i18n (0.6.5)
    jquery-rails (3.0.4)
      railties (>= 3.0, < 5.0)
      thor (>= 0.14, < 2.0)
    json (1.8.0)
    locale (2.0.8)
    mail (2.5.4)
      mime-types (~> 1.16)
      treetop (~> 1.4.8)
    mime-types (1.24)
    mini_portile (0.5.1)
    minitest (4.7.5)
    multi_json (1.7.9)
    multi_xml (0.5.5)
    mysql2 (0.3.13)
    net-scp (1.1.2)
      net-ssh (>= 2.6.5)
    net-sftp (2.1.2)
      net-ssh (>= 2.6.5)
    net-ssh (2.6.8)
    net-ssh-gateway (1.2.0)
      net-ssh (>= 2.6.5)
    newrelic_rpm (3.6.6.147)
    nokogiri (1.6.0)
      mini_portile (~> 0.5.0)
    open4 (1.3.0)
    paperclip (3.5.1)
      activemodel (>= 3.0.0)
      activesupport (>= 3.0.0)
      cocaine (~> 0.5.0)
      mime-types
    polyglot (0.3.3)
    prototype-rails (3.2.0)
      railties (>= 3.2.0.beta, < 5.0)
    quilt (0.0.5)
    rack (1.5.2)
    rack-openid (1.3.1)
      rack (>= 1.1.0)
      ruby-openid (>= 2.1.8)
    rack-test (0.6.2)
      rack (>= 1.0)
    rails (4.0.0)
      actionmailer (= 4.0.0)
      actionpack (= 4.0.0)
      activerecord (= 4.0.0)
      activesupport (= 4.0.0)
      bundler (>= 1.3.0, < 2.0)
      railties (= 4.0.0)
      sprockets-rails (~> 2.0.0)
    railties (4.0.0)
      actionpack (= 4.0.0)
      activesupport (= 4.0.0)
      rake (>= 0.8.7)
      thor (>= 0.18.1, < 2.0)
    rake (10.1.0)
    rmagick (2.13.2)
    rubber (2.5.3)
      capistrano (~> 2.12)
      clamp
      fog (~> 1.6)
      json
      net-ssh (~> 2.6)
      open4
      thor
    ruby-hmac (0.4.0)
    ruby-openid (2.2.3)
    rufus-scheduler (2.0.23)
      tzinfo (>= 0.3.23)
    sprockets (2.10.0)
      hike (~> 1.2)
      multi_json (~> 1.0)
      rack (~> 1.0)
      tilt (~> 1.1, != 1.3.0)
    sprockets-rails (2.0.0)
      actionpack (>= 3.0)
      activesupport (>= 3.0)
      sprockets (~> 2.8)
    sqlite3 (1.3.8)
    thor (0.18.1)
    thread_safe (0.1.2)
      atomic
    tilt (1.4.1)
    treetop (1.4.15)
      polyglot
      polyglot (>= 0.3.1)
    tzinfo (0.3.37)
    uuidtools (2.1.4)
    will_paginate (3.0.4)
    wirble (0.1.3)

PLATFORMS
  ruby

DEPENDENCIES
  activerecord-diff!
  acts_as_versioned!
  acts_as_versioned_association (= 0.0.0)!
  aws-sdk
  cancan
  capistrano
  daemons
  dynamic_form
  eventmachine
  exception_notification
  gettext!
  gettext_i18n_rails
  google_ajax_libraries_api (= 0.0.0)!
  hpricot
  httparty
  jquery-rails
  jquery_datepicker!
  mysql2
  newrelic_rpm
  open4
  open_id_authentication!
  paperclip
  prototype-rails
  prototype_legacy_helper (= 0.0.0)!
  quilt
  rails (~> 4)
  rmagick
  rubber
  rufus-scheduler
  sqlite3
  userstamp!
  will_paginate
  wirble
