GIT
  remote: git://github.com/willbryant/prototype_legacy_helper.git
  revision: fc4fbb8792e7bb511ca8327774bbf4f6a3ec7434
  specs:
    prototype_legacy_helper (0.0.0)

GIT
  remote: https://github.com/cameel/gettext.git
  revision: c3a83734eea5029d067783127398ddf765f7265c
  ref: c3a8373
  specs:
    gettext (2.0.0)
      locale

GIT
  remote: https://github.com/delynn/userstamp.git
  revision: 777633aa564f8457c999ddb96afa4c5ae18d319f
  specs:
    userstamp (2.0.2)

GIT
  remote: https://github.com/galo2099/activerecord-diff.git
  revision: 99fd640be784df0473a7a08756aa9ab861385cc5
  specs:
    activerecord-diff (0.0.0)
      activerecord
      activesupport

GIT
  remote: https://github.com/galo2099/acts_as_versioned_association
  revision: 8c74ad20db472b1fad7826a63e53d444264595ee
  specs:
    acts_as_versioned_association (0.0.0)

GIT
  remote: https://github.com/galo2099/google_ajax_libraries_api
  revision: 01db9208efbcf0961fbbfc7f8fda9ba29ea33355
  specs:
    google_ajax_libraries_api (0.0.0)

GIT
  remote: https://github.com/galo2099/jquery_datepicker
  revision: 4a8ada4184961a32937f36ec92ed4533c6799954
  specs:
    jquery_datepicker (0.3.2)

GIT
  remote: https://github.com/luismreis/acts_as_versioned.git
  revision: b26b8f8836836f2ec36d8c0525b4fae508fb0352
  specs:
    acts_as_versioned (0.6.0)
      activerecord (>= 3.0.0)

GIT
  remote: https://github.com/ndbradley730/open_id_authentication
  revision: 59edb6e36b3c0e2d4e8eb2e81e2edeac97fa380c
  branch: controllermethods_name_error
  specs:
    open_id_authentication (1.1.0)
      rack-openid (~> 1.3)

GEM
  remote: http://rubygems.org/
  specs:
    actionmailer (3.2.13)
      actionpack (= 3.2.13)
      mail (~> 2.5.3)
    actionpack (3.2.13)
      activemodel (= 3.2.13)
      activesupport (= 3.2.13)
      builder (~> 3.0.0)
      erubis (~> 2.7.0)
      journey (~> 1.0.4)
      rack (~> 1.4.5)
      rack-cache (~> 1.2)
      rack-test (~> 0.6.1)
      sprockets (~> 2.2.1)
    activemodel (3.2.13)
      activesupport (= 3.2.13)
      builder (~> 3.0.0)
    activerecord (3.2.13)
      activemodel (= 3.2.13)
      activesupport (= 3.2.13)
      arel (~> 3.0.2)
      tzinfo (~> 0.3.29)
    activeresource (3.2.13)
      activemodel (= 3.2.13)
      activesupport (= 3.2.13)
    activesupport (3.2.13)
      i18n (= 0.6.1)
      multi_json (~> 1.0)
    arel (3.0.2)
    aws-sdk (1.8.5)
      json (~> 1.4)
      nokogiri (>= 1.4.4)
      uuidtools (~> 2.1)
    builder (3.0.4)
    cancan (1.6.9)
    capistrano (2.14.2)
      highline
      net-scp (>= 1.0.0)
      net-sftp (>= 2.0.0)
      net-ssh (>= 2.0.14)
      net-ssh-gateway (>= 1.1.0)
    clamp (0.5.1)
    climate_control (0.0.3)
      activesupport (>= 3.0)
    cocaine (0.5.1)
      climate_control (>= 0.0.3, < 1.0)
    coffee-rails (3.2.2)
      coffee-script (>= 2.2.0)
      railties (~> 3.2.0)
    coffee-script (2.2.0)
      coffee-script-source
      execjs
    coffee-script-source (1.6.2)
    daemons (1.1.9)
    dynamic_form (1.1.4)
    erubis (2.7.0)
    eventmachine (1.0.3)
    exception_notification (3.0.1)
      actionmailer (>= 3.0.4)
    excon (0.20.1)
    execjs (1.4.0)
      multi_json (~> 1.0)
    fast_gettext (0.7.0)
    fog (1.10.0)
      builder
      excon (~> 0.14)
      formatador (~> 0.2.0)
      mime-types
      multi_json (~> 1.0)
      net-scp (~> 1.1)
      net-ssh (>= 2.1.3)
      nokogiri (~> 1.5.0)
      ruby-hmac
    formatador (0.2.4)
    gettext_i18n_rails (0.9.3)
      fast_gettext (>= 0.4.8)
    highline (1.6.16)
    hike (1.2.1)
    hpricot (0.8.6)
    httparty (0.10.2)
      multi_json (~> 1.0)
      multi_xml (>= 0.5.2)
    i18n (0.6.1)
    journey (1.0.4)
    jquery-rails (2.2.1)
      railties (>= 3.0, < 5.0)
      thor (>= 0.14, < 2.0)
    json (1.7.7)
    libv8 (3.11.8.17)
    locale (2.0.8)
    mail (2.5.3)
      i18n (>= 0.4.0)
      mime-types (~> 1.16)
      treetop (~> 1.4.8)
    mime-types (1.21)
    multi_json (1.7.2)
    multi_xml (0.5.3)
    mysql2 (0.3.11)
    net-scp (1.1.0)
      net-ssh (>= 2.6.5)
    net-sftp (2.1.1)
      net-ssh (>= 2.6.5)
    net-ssh (2.6.6)
    net-ssh-gateway (1.2.0)
      net-ssh (>= 2.6.5)
    newrelic_rpm (3.6.0.78)
    nokogiri (1.5.9)
    open4 (1.3.0)
    paperclip (3.4.1)
      activemodel (>= 3.0.0)
      activerecord (>= 3.0.0)
      activesupport (>= 3.0.0)
      cocaine (~> 0.5.0)
      mime-types
    polyglot (0.3.3)
    prototype-rails (3.2.1)
      rails (~> 3.2)
    quilt (0.0.5)
    rack (1.4.5)
    rack-cache (1.2)
      rack (>= 0.4)
    rack-openid (1.3.1)
      rack (>= 1.1.0)
      ruby-openid (>= 2.1.8)
    rack-ssl (1.3.3)
      rack
    rack-test (0.6.2)
      rack (>= 1.0)
    rails (3.2.13)
      actionmailer (= 3.2.13)
      actionpack (= 3.2.13)
      activerecord (= 3.2.13)
      activeresource (= 3.2.13)
      activesupport (= 3.2.13)
      bundler (~> 1.0)
      railties (= 3.2.13)
    railties (3.2.13)
      actionpack (= 3.2.13)
      activesupport (= 3.2.13)
      rack-ssl (~> 1.3.2)
      rake (>= 0.8.7)
      rdoc (~> 3.4)
      thor (>= 0.14.6, < 2.0)
    rake (10.0.4)
    rdoc (3.12.2)
      json (~> 1.4)
    ref (1.0.4)
    rmagick (2.13.2)
    rubber (2.2.4)
      capistrano (~> 2.12)
      clamp
      fog (~> 1.6)
      json
      net-ssh (~> 2.6)
      open4
      thor
    ruby-hmac (0.4.0)
    ruby-openid (2.2.3)
    rufus-scheduler (2.0.18)
      tzinfo (>= 0.3.23)
    sass (3.2.7)
    sass-rails (3.2.6)
      railties (~> 3.2.0)
      sass (>= 3.1.10)
      tilt (~> 1.3)
    sprockets (2.2.2)
      hike (~> 1.2)
      multi_json (~> 1.0)
      rack (~> 1.0)
      tilt (~> 1.1, != 1.3.0)
    sqlite3 (1.3.7)
    therubyracer (0.11.4)
      libv8 (~> 3.11.8.12)
      ref
    thor (0.18.0)
    tilt (1.3.6)
    treetop (1.4.12)
      polyglot
      polyglot (>= 0.3.1)
    tzinfo (0.3.37)
    uglifier (1.3.0)
      execjs (>= 0.3.0)
      multi_json (~> 1.0, >= 1.0.2)
    uuidtools (2.1.3)
    will_paginate (3.0.4)
    wirble (0.1.3)

PLATFORMS
  ruby

DEPENDENCIES
  activerecord-diff!
  acts_as_versioned!
  acts_as_versioned_association (= 0.0.0)!
  aws-sdk
  cancan
  capistrano
  coffee-rails (~> 3.2)
  daemons
  dynamic_form
  eventmachine
  exception_notification
  gettext!
  gettext_i18n_rails
  google_ajax_libraries_api (= 0.0.0)!
  hpricot
  httparty
  jquery-rails
  jquery_datepicker!
  mysql2
  newrelic_rpm
  open4
  open_id_authentication!
  paperclip
  prototype-rails
  prototype_legacy_helper (= 0.0.0)!
  quilt
  rails (~> 3.2)
  rmagick
  rubber
  rufus-scheduler
  sass-rails (~> 3.2)
  sqlite3
  therubyracer
  uglifier (>= 1.0.3)
  userstamp!
  will_paginate
  wirble
